NUGET
  remote: https://api.nuget.org/v3/index.json
    NuGet.CommandLine (4.1)
